GEM
  remote: https://rubygems.org/
  specs:
    date (3.4.1)
    debug (1.9.2)
      irb (~> 1.10)
      reline (>= 0.3.8)
    io-console (0.7.2)
    irb (1.14.1)
      rdoc (>= 4.0.0)
      reline (>= 0.4.2)
    pg (1.5.9)
    psych (5.2.1)
      date
      stringio
    rdoc (6.8.1)
      psych (>= 4.0.0)
    reline (0.5.12)
      io-console (~> 0.5)
    stringio (3.1.2)

PLATFORMS
  arm64-darwin-23
  ruby

DEPENDENCIES
  debug
  pg

RUBY VERSION
   ruby 3.3.6p108

BUNDLED WITH
   2.5.23
